GEM
  remote: https://rubygems.org/
  specs:
    aasm (5.0.8)
      concurrent-ruby (~> 1.0)
    concurrent-ruby (1.1.6)
    minitest (5.14.1)

PLATFORMS
  ruby

DEPENDENCIES
  aasm
  minitest

BUNDLED WITH
   2.1.4
